GEM
  remote: https://rubygems.org/
  specs:
    colorize (1.1.0)
    curses (1.4.7)

PLATFORMS
  ruby
  x86_64-darwin-23

DEPENDENCIES
  colorize
  curses

BUNDLED WITH
   2.5.10
